GEM
  remote: http://rubygems.org/
  specs:
    dropbox-sdk (1.6.5)
      json
    json (1.8.3)
    power_assert (0.3.0)
    rack (1.6.4)
    rack-protection (1.5.3)
      rack
    rack-test (0.6.3)
      rack (>= 1.0)
    sinatra (1.4.7)
      rack (~> 1.5)
      rack-protection (~> 1.4)
      tilt (>= 1.3, < 3)
    test-unit (3.1.8)
      power_assert
    tilt (2.0.3)

PLATFORMS
  ruby

DEPENDENCIES
  dropbox-sdk
  rack
  rack-test
  sinatra
  test-unit

BUNDLED WITH
   1.12.3
