GEM
  remote: http://rubygems.org/
  specs:
    dropbox-sdk (1.6.5)
      json
    faraday (0.9.2)
      multipart-post (>= 1.2, < 3)
    figaro (1.1.1)
      thor (~> 0.14)
    json (1.8.3)
    multipart-post (2.0.0)
    power_assert (0.3.0)
    rack (1.6.4)
    rack-protection (1.5.3)
      rack
    rack-test (0.6.3)
      rack (>= 1.0)
    sinatra (1.4.7)
      rack (~> 1.5)
      rack-protection (~> 1.4)
      tilt (>= 1.3, < 3)
    test-unit (3.1.8)
      power_assert
    thor (0.19.1)
    tilt (2.0.3)

PLATFORMS
  ruby

DEPENDENCIES
  dropbox-sdk
  faraday
  figaro
  rack
  rack-test
  sinatra
  test-unit

BUNDLED WITH
   1.12.3
